PATH
  remote: .
  specs:
    tiny_struct (0.0.1)

GEM
  remote: https://rubygems.org/
  specs:
    ast (2.3.0)
    docile (1.1.5)
    json (2.1.0)
    minitest (5.10.3)
    parallel (1.12.1)
    parser (2.4.0.2)
      ast (~> 2.3)
    powerpack (0.1.1)
    rainbow (3.0.0)
    rake (12.3.0)
    rubocop (0.52.0)
      parallel (~> 1.10)
      parser (>= 2.4.0.2, < 3.0)
      powerpack (~> 0.1)
      rainbow (>= 2.2.2, < 4.0)
      ruby-progressbar (~> 1.7)
      unicode-display_width (~> 1.0, >= 1.0.1)
    ruby-progressbar (1.9.0)
    simplecov (0.15.1)
      docile (~> 1.1.0)
      json (>= 1.8, < 3)
      simplecov-html (~> 0.10.0)
    simplecov-html (0.10.2)
    unicode-display_width (1.3.0)

PLATFORMS
  ruby

DEPENDENCIES
  bundler (~> 1.16.a)
  minitest (~> 5.10)
  rake (~> 12.3)
  rubocop (~> 0.52)
  simplecov (~> 0.15)
  tiny_struct!

BUNDLED WITH
   1.16.0
